GEM
  remote: https://rubygems.org/
  specs:
    date (3.3.4)
    nokogiri (1.16.7-x86_64-linux)
      racc (~> 1.4)
    open-uri (0.4.1)
      stringio
      time
      uri
    racc (1.8.1)
    stringio (3.1.1)
    time (0.4.0)
      date
    uri (0.13.1)

PLATFORMS
  x86_64-linux

DEPENDENCIES
  nokogiri
  open-uri

RUBY VERSION
   ruby 3.2.2p53

BUNDLED WITH
   2.4.10
